GEM
  remote: https://rubygems.org/
  specs:
    ffi (1.9.6)
    ffi-locale (1.0.1)
      ffi (>= 1.0.9)
    ffi-ncurses (0.4.0)
      ffi (>= 1.0.9)
      ffi-locale (>= 1.0.0)

PLATFORMS
  ruby

DEPENDENCIES
  ffi
  ffi-ncurses
